GEM
  remote: https://rubygems.org/
  specs:
    coderay (1.1.0)
    curb (0.8.6)
    faraday (0.9.1)
      multipart-post (>= 1.2, < 3)
    faraday_middleware (0.9.1)
      faraday (>= 0.7.4, < 0.10)
    httparty (0.13.3)
      json (~> 1.8)
      multi_xml (>= 0.5.2)
    json (1.8.2)
    memoizable (0.4.2)
      thread_safe (~> 0.3, >= 0.3.1)
    method_source (0.8.2)
    multi_json (1.10.1)
    multi_xml (0.5.5)
    multipart-post (2.0.0)
    pry (0.10.1)
      coderay (~> 1.1.0)
      method_source (~> 0.8.1)
      slop (~> 3.4)
    redd (0.6.5)
      faraday (~> 0.9.0)
      faraday_middleware (~> 0.9.1)
      memoizable
      multi_json (~> 1.10)
    slop (3.6.0)
    sqlite3 (1.3.10)
    streamio-ffmpeg (1.0.0)
    thread_safe (0.3.4)
    youtube_dl (0.0.2)
      httparty
    youtube_url (0.1.0)

PLATFORMS
  ruby

DEPENDENCIES
  curb
  pry
  redd
  sqlite3
  streamio-ffmpeg
  youtube_dl
  youtube_url
